GEM
  remote: https://rubygems.org/
  specs:
    sequel (4.6.0)

PLATFORMS
  x86-mingw32

DEPENDENCIES
  sequel
